PATH
  remote: spec/support/gems/bar
  specs:
    bar (0.3.0)

PATH
  remote: spec/support/gems/baz
  specs:
    baz (0.0.2)

PATH
  remote: spec/support/gems/foo
  specs:
    foo (0.0.1)

GEM
  remote: https://rubygems.org/
  specs:

PLATFORMS
  ruby

DEPENDENCIES
  bar!
  baz!
  foo!

BUNDLED WITH
   1.17.3
