PATH
  remote: .
  specs:
    tapioca (0.1.0)

GEM
  remote: https://rubygems.org/
  remote: https://packages.shopify.io/shopify/gems/
  specs:
    ast (2.4.0)
    coderay (1.1.2)
    colorize (0.6.0)
    highline (1.6.20)
    jaro_winkler (1.5.2)
    json_pure (1.8.1)
    method_source (0.9.2)
    mime-types (1.25.1)
    minitest (5.11.3)
    package_cloud (0.2.33)
      colorize (= 0.6.0)
      highline (= 1.6.20)
      json_pure (= 1.8.1)
      rest-client (~> 1.6.7)
      thor (~> 0.18)
    parallel (1.17.0)
    parser (2.6.3.0)
      ast (~> 2.4.0)
    pry (0.12.2)
      coderay (~> 1.1.0)
      method_source (~> 0.9.0)
    rainbow (3.0.0)
    rake (12.3.2)
    rest-client (1.6.9)
      mime-types (~> 1.16)
    rubocop (0.70.0)
      jaro_winkler (~> 1.5.1)
      parallel (~> 1.10)
      parser (>= 2.6)
      rainbow (>= 2.2.2, < 4.0)
      ruby-progressbar (~> 1.7)
      unicode-display_width (>= 1.4.0, < 1.7)
    ruby-progressbar (1.10.0)
    thor (0.20.3)
    unicode-display_width (1.6.0)
    zeitwerk (2.1.6)

PLATFORMS
  ruby

DEPENDENCIES
  bundler (~> 1.17)
  minitest (~> 5.0)
  package_cloud (~> 0.2.33)
  pry (>= 0.12.2)
  rake (~> 12.3)
  rubocop (~> 0.70.0)
  tapioca!
  zeitwerk (~> 2.1)

BUNDLED WITH
   1.17.3
